PATH
  remote: .
  specs:
    hp (0.0.1)
      gli (= 2.19.0)

GEM
  remote: https://rubygems.org/
  specs:
    aruba (0.14.11)
      childprocess (>= 0.6.3, < 3.0.0)
      contracts (~> 0.9)
      cucumber (>= 1.3.19)
      ffi (~> 1.9)
      rspec-expectations (>= 2.99)
      thor (~> 0.19)
    backports (3.15.0)
    builder (3.2.3)
    childprocess (2.0.0)
      rake (< 13.0)
    contracts (0.16.0)
    cucumber (3.1.2)
      builder (>= 2.1.2)
      cucumber-core (~> 3.2.0)
      cucumber-expressions (~> 6.0.1)
      cucumber-wire (~> 0.0.1)
      diff-lcs (~> 1.3)
      gherkin (~> 5.1.0)
      multi_json (>= 1.7.5, < 2.0)
      multi_test (>= 0.1.2)
    cucumber-core (3.2.1)
      backports (>= 3.8.0)
      cucumber-tag_expressions (~> 1.1.0)
      gherkin (~> 5.0)
    cucumber-expressions (6.0.1)
    cucumber-tag_expressions (1.1.1)
    cucumber-wire (0.0.1)
    diff-lcs (1.3)
    ffi (1.11.1)
    gherkin (5.1.0)
    gli (2.19.0)
    multi_json (1.13.1)
    multi_test (0.1.2)
    rake (12.3.3)
    rdoc (6.2.0)
    rspec-expectations (3.8.4)
      diff-lcs (>= 1.2.0, < 2.0)
      rspec-support (~> 3.8.0)
    rspec-support (3.8.2)
    thor (0.20.3)

PLATFORMS
  ruby

DEPENDENCIES
  aruba
  hp!
  rake
  rdoc

BUNDLED WITH
   1.17.2
